GEM
  remote: http://rubygems.org/
  specs:
    diff-lcs (1.1.3)
    guard (1.2.3)
      listen (>= 0.4.2)
      thor (>= 0.14.6)
    guard-rspec (1.2.1)
      guard (>= 1.1)
    listen (0.5.3)
    rb-fsevent (0.9.2)
    rspec (2.11.0)
      rspec-core (~> 2.11.0)
      rspec-expectations (~> 2.11.0)
      rspec-mocks (~> 2.11.0)
    rspec-core (2.11.1)
    rspec-expectations (2.11.2)
      diff-lcs (~> 1.1.3)
    rspec-mocks (2.11.1)
    ruby_gntp (0.3.4)
    thor (0.15.4)

PLATFORMS
  ruby

DEPENDENCIES
  guard
  guard-rspec
  rb-fsevent
  rspec
  ruby_gntp
